GEM
  remote: https://rubygems.org/
  specs:
    backports (3.3.5)
    bcrypt-ruby (3.1.2)
    haml (4.0.4)
      tilt
    kgio (2.8.1)
    multi_json (1.8.2)
    pg (0.17.1)
    rack (1.5.2)
    rack-protection (1.5.1)
      rack
    rack-ssl-enforcer (0.2.8)
    rack-test (0.6.2)
      rack (>= 1.0)
    rack_csrf (2.4.0)
      rack (>= 0.9)
    raindrops (0.12.0)
    sequel (4.5.0)
    sinatra (1.4.4)
      rack (~> 1.4)
      rack-protection (~> 1.4)
      tilt (~> 1.3, >= 1.3.4)
    sinatra-contrib (1.4.2)
      backports (>= 2.0)
      multi_json
      rack-protection
      rack-test
      sinatra (~> 1.4.0)
      tilt (~> 1.3)
    sinatra-sequel (0.9.0)
      sequel (>= 3.2.0)
      sinatra (>= 0.9.4)
    tilt (1.4.1)
    unicorn (4.7.0)
      kgio (~> 2.6)
      rack
      raindrops (~> 0.7)

PLATFORMS
  ruby

DEPENDENCIES
  bcrypt-ruby
  haml
  pg
  rack-ssl-enforcer
  rack_csrf
  sequel
  sinatra
  sinatra-contrib
  sinatra-sequel
  unicorn
